GEM
  remote: https://rubygems.org/
  specs:
    chef-api (0.8.0)
      logify (~> 0.1)
      mime-types
    logify (0.2.0)
    mime-types (3.2.2)
      mime-types-data (~> 3.2015)
    mime-types-data (3.2018.0812)
    mustermann (1.0.3)
    rack (2.0.5)
    rack-protection (2.0.4)
      rack
    sinatra (2.0.4)
      mustermann (~> 1.0)
      rack (~> 2.0)
      rack-protection (= 2.0.4)
      tilt (~> 2.0)
    tilt (2.0.8)

PLATFORMS
  ruby

DEPENDENCIES
  chef-api
  sinatra

BUNDLED WITH
   1.16.2
